GEM
  remote: https://rubygems.org/
  specs:
    coffee-script (2.2.0)
      coffee-script-source
      execjs
    coffee-script-source (1.7.0)
    execjs (2.0.2)
    haml (4.0.5)
      tilt
    sass (3.3.7)
    tilt (2.0.1)

PLATFORMS
  x86-mingw32

DEPENDENCIES
  coffee-script
  haml
  sass
