GEM
  remote: https://rubygems.org/
  specs:
    coffee-script (2.2.0)
      coffee-script-source
      execjs
    coffee-script-source (1.7.0)
    erubis (2.7.0)
    execjs (2.0.2)
    haml (5.0.0)
      temple (>= 0.8.0)
      tilt
    html2haml (2.2.0)
      erubis (~> 2.7.0)
      haml (>= 4.0, < 6)
      nokogiri (>= 1.6.0)
      ruby_parser (~> 3.5)
    mini_portile2 (2.8.1)
    nokogiri (1.14.3)
      mini_portile2 (~> 2.8.0)
      racc (~> 1.4)
    nokogiri (1.14.3-x86-mingw32)
      racc (~> 1.4)
    racc (1.6.2)
    ruby_parser (3.14.0)
      sexp_processor (~> 4.9)
    sass (3.3.7)
    sexp_processor (4.13.0)
    temple (0.8.2)
    tilt (2.0.10)

PLATFORMS
  ruby
  x86-mingw32

DEPENDENCIES
  coffee-script
  haml
  html2haml
  sass
